GIT
  remote: git://github.com/gregbell/active_admin.git
  revision: 2ae0a9e09bf9fab7fd95e245b6c46d5c7fc2a953
  specs:
    activeadmin (1.0.0.pre)
      arbre (~> 1.0)
      bourbon
      coffee-rails
      formtastic (~> 2.3.0.rc3)
      inherited_resources (~> 1.4.1)
      jquery-rails
      jquery-ui-rails
      kaminari (~> 0.15)
      rails (>= 3.2, < 4.2)
      ransack (~> 1.0)
      sass-rails

GEM
  remote: https://rubygems.org/
  specs:
    actionmailer (4.1.2.rc3)
      actionpack (= 4.1.2.rc3)
      actionview (= 4.1.2.rc3)
      mail (~> 2.5.4)
    actionpack (4.1.2.rc3)
      actionview (= 4.1.2.rc3)
      activesupport (= 4.1.2.rc3)
      rack (~> 1.5.2)
      rack-test (~> 0.6.2)
    actionview (4.1.2.rc3)
      activesupport (= 4.1.2.rc3)
      builder (~> 3.1)
      erubis (~> 2.7.0)
    activemodel (4.1.2.rc3)
      activesupport (= 4.1.2.rc3)
      builder (~> 3.1)
    activerecord (4.1.2.rc3)
      activemodel (= 4.1.2.rc3)
      activesupport (= 4.1.2.rc3)
      arel (~> 5.0.0)
    activesupport (4.1.2.rc3)
      i18n (~> 0.6, >= 0.6.9)
      json (~> 1.7, >= 1.7.7)
      minitest (~> 5.1)
      thread_safe (~> 0.1)
      tzinfo (~> 1.1)
    arbre (1.0.1)
      activesupport (>= 3.0.0)
    arel (5.0.1.20140414130214)
    bcrypt (3.1.7)
    bootbox-rails (0.3.0)
    bootstrap-sass (3.1.1.1)
      sass (~> 3.2)
    bourbon (3.2.3)
      sass (~> 3.2)
      thor
    builder (3.2.2)
    climate_control (0.0.3)
      activesupport (>= 3.0)
    cocaine (0.5.4)
      climate_control (>= 0.0.3, < 1.0)
    coffee-rails (4.0.1)
      coffee-script (>= 2.2.0)
      railties (>= 4.0.0, < 5.0)
    coffee-script (2.2.0)
      coffee-script-source
      execjs
    coffee-script-source (1.7.0)
    compropago (0.0.2)
    conekta (0.4.4)
      bundler (~> 1.3)
      faraday
      json
      rake
      rspec
      sys-uname
    devise (3.2.4)
      bcrypt (~> 3.0)
      orm_adapter (~> 0.1)
      railties (>= 3.2.6, < 5)
      thread_safe (~> 0.1)
      warden (~> 1.2.3)
    diff-lcs (1.2.5)
    erubis (2.7.0)
    execjs (2.2.1)
    faraday (0.9.0)
      multipart-post (>= 1.2, < 3)
    ffi (1.9.3)
    font-awesome-sass (4.1.0)
      sass (~> 3.2)
    formtastic (2.3.0.rc3)
      actionpack (>= 3.0)
    haml (4.0.5)
      tilt
    haml-rails (0.5.3)
      actionpack (>= 4.0.1)
      activesupport (>= 4.0.1)
      haml (>= 3.1, < 5.0)
      railties (>= 4.0.1)
    handlebars_assets (0.17.1)
      execjs (>= 1.2.9)
      multi_json
      sprockets (>= 2.0.3)
      tilt
    has_scope (0.6.0.rc)
      actionpack (>= 3.2, < 5)
      activesupport (>= 3.2, < 5)
    hike (1.2.3)
    i18n (0.6.11)
    inherited_resources (1.4.1)
      has_scope (~> 0.6.0.rc)
      responders (~> 1.0.0.rc)
    jbuilder (2.1.1)
      activesupport (>= 3.0.0, < 5)
      multi_json (~> 1.2)
    jquery-rails (2.3.0)
      railties (>= 3.0, < 5.0)
      thor (>= 0.14, < 2.0)
    jquery-ui-rails (4.2.1)
      railties (>= 3.2.16)
    json (1.8.1)
    kaminari (0.16.1)
      actionpack (>= 3.0.0)
      activesupport (>= 3.0.0)
    mail (2.5.4)
      mime-types (~> 1.16)
      treetop (~> 1.4.8)
    mime-types (1.25.1)
    minitest (5.4.0)
    multi_json (1.10.1)
    multipart-post (2.0.0)
    orm_adapter (0.5.0)
    paperclip (4.1.1)
      activemodel (>= 3.0.0)
      activesupport (>= 3.0.0)
      cocaine (~> 0.5.3)
      mime-types
    pg (0.17.1)
    polyamorous (1.0.0)
      activerecord (>= 3.0)
    polyglot (0.3.5)
    rack (1.5.2)
    rack-test (0.6.2)
      rack (>= 1.0)
    rails (4.1.2.rc3)
      actionmailer (= 4.1.2.rc3)
      actionpack (= 4.1.2.rc3)
      actionview (= 4.1.2.rc3)
      activemodel (= 4.1.2.rc3)
      activerecord (= 4.1.2.rc3)
      activesupport (= 4.1.2.rc3)
      bundler (>= 1.3.0, < 2.0)
      railties (= 4.1.2.rc3)
      sprockets-rails (~> 2.0)
    rails-i18n (4.0.2)
      i18n (~> 0.6)
      rails (>= 4.0)
      rails (>= 4.0)
      rails (>= 4.0)
      rails (>= 4.0)
      rails (>= 4.0)
      rails (>= 4.0)
      rails (>= 4.0)
      rails (>= 4.0)
      rails (>= 4.0)
      rails (>= 4.0)
      rails (>= 4.0)
      rails (>= 4.0)
      rails (>= 4.0)
      rails (>= 4.0)
      rails (>= 4.0)
      rails (>= 4.0)
      rails (>= 4.0)
      rails (>= 4.0)
      rails (>= 4.0)
      rails (>= 4.0)
      rails (>= 4.0)
      rails (>= 4.0)
      rails (>= 4.0)
      rails (>= 4.0)
      rails (>= 4.0)
      rails (>= 4.0)
      rails (>= 4.0)
      rails (>= 4.0)
      rails (>= 4.0)
      rails (>= 4.0)
      rails (>= 4.0)
      rails (>= 4.0)
      rails (>= 4.0)
      rails (>= 4.0)
      rails (>= 4.0)
      rails (>= 4.0)
      rails (>= 4.0)
      rails (>= 4.0)
      rails (>= 4.0)
    railties (4.1.2.rc3)
      actionpack (= 4.1.2.rc3)
      activesupport (= 4.1.2.rc3)
      rake (>= 0.8.7)
      thor (>= 0.18.1, < 2.0)
    rake (10.3.2)
    ransack (1.2.3)
      actionpack (>= 3.0)
      activerecord (>= 3.0)
      activesupport (>= 3.0)
      i18n
      polyamorous (~> 1.0.0)
    rdoc (4.1.1)
      json (~> 1.4)
    responders (1.0.0)
      railties (>= 3.2, < 5)
    rspec (3.0.0)
      rspec-core (~> 3.0.0)
      rspec-expectations (~> 3.0.0)
      rspec-mocks (~> 3.0.0)
    rspec-core (3.0.2)
      rspec-support (~> 3.0.0)
    rspec-expectations (3.0.2)
      diff-lcs (>= 1.2.0, < 2.0)
      rspec-support (~> 3.0.0)
    rspec-mocks (3.0.2)
      rspec-support (~> 3.0.0)
    rspec-support (3.0.2)
    sass (3.2.19)
    sass-mediaqueries-rails (1.3)
      sass (>= 3.2.0)
    sass-rails (4.0.3)
      railties (>= 4.0.0, < 5.0)
      sass (~> 3.2.0)
      sprockets (~> 2.8, <= 2.11.0)
      sprockets-rails (~> 2.0)
    sdoc (0.4.0)
      json (~> 1.8)
      rdoc (~> 4.0, < 5.0)
    spring (1.1.3)
    sprockets (2.11.0)
      hike (~> 1.2)
      multi_json (~> 1.0)
      rack (~> 1.0)
      tilt (~> 1.1, != 1.3.0)
    sprockets-rails (2.1.3)
      actionpack (>= 3.0)
      activesupport (>= 3.0)
      sprockets (~> 2.8)
    sys-uname (0.9.2)
      ffi (>= 1.0.0)
    thor (0.19.1)
    thread_safe (0.3.4)
    tilt (1.4.1)
    treetop (1.4.15)
      polyglot
      polyglot (>= 0.3.1)
    turbolinks (2.2.2)
      coffee-rails
    tzinfo (1.2.1)
      thread_safe (~> 0.1)
    uglifier (2.5.1)
      execjs (>= 0.3.0)
      json (>= 1.8.0)
    warden (1.2.3)
      rack (>= 1.0)

PLATFORMS
  ruby

DEPENDENCIES
  activeadmin!
  bootbox-rails (~> 0.3)
  bootstrap-sass (~> 3.1.1)
  coffee-rails (~> 4.0.0)
  compropago
  conekta
  devise
  font-awesome-sass
  haml-rails
  handlebars_assets
  jbuilder (~> 2.0)
  jquery-rails
  jquery-ui-rails (~> 4.2.1)
  paperclip (~> 4.1.1)
  pg
  rails (= 4.1.2.rc3)
  rails-i18n (~> 4.0.0)
  sass-mediaqueries-rails
  sass-rails (~> 4.0.3)
  sdoc (~> 0.4.0)
  spring
  turbolinks
  uglifier (>= 1.3.0)
